GEM
  remote: https://rubygems.org/
  specs:
    ast (2.4.0)
    bson (4.3.0)
    dotenv (2.5.0)
    jaro_winkler (1.5.1)
    kindleclippings (1.4.0)
    mongo (2.6.2)
      bson (>= 4.3.0, < 5.0.0)
    parallel (1.12.1)
    parser (2.5.3.0)
      ast (~> 2.4.0)
    powerpack (0.1.2)
    rainbow (3.0.0)
    rubocop (0.61.1)
      jaro_winkler (~> 1.5.1)
      parallel (~> 1.10)
      parser (>= 2.5, != 2.5.1.1)
      powerpack (~> 0.1)
      rainbow (>= 2.2.2, < 4.0)
      ruby-progressbar (~> 1.7)
      unicode-display_width (~> 1.4.0)
    ruby-progressbar (1.10.0)
    thor (0.19.4)
    unicode-display_width (1.4.1)

PLATFORMS
  ruby

DEPENDENCIES
  dotenv
  kindleclippings
  mongo
  rubocop
  thor

RUBY VERSION
   ruby 2.5.1p57

BUNDLED WITH
   1.16.1
